GEM
  remote: https://rubygems.org/
  specs:
    ast (2.4.2)
    diff-lcs (1.5.0)
    forwardable (1.3.3)
    netrc (0.11.0)
    parallel (1.22.1)
    parser (3.2.0.0)
      ast (~> 2.4.1)
    prime (0.1.2)
      forwardable
      singleton
    rbi (0.0.16)
      ast
      parser (>= 2.6.4.0)
      sorbet-runtime (>= 0.5.9204)
      unparser
    rspec (3.12.0)
      rspec-core (~> 3.12.0)
      rspec-expectations (~> 3.12.0)
      rspec-mocks (~> 3.12.0)
    rspec-core (3.12.0)
      rspec-support (~> 3.12.0)
    rspec-expectations (3.12.1)
      diff-lcs (>= 1.2.0, < 2.0)
      rspec-support (~> 3.12.0)
    rspec-mocks (3.12.1)
      diff-lcs (>= 1.2.0, < 2.0)
      rspec-support (~> 3.12.0)
    rspec-support (3.12.0)
    singleton (0.1.1)
    sorbet (0.5.10601)
      sorbet-static (= 0.5.10601)
    sorbet-runtime (0.5.10601)
    sorbet-static (0.5.10601-universal-darwin-22)
    sorbet-static-and-runtime (0.5.10601)
      sorbet (= 0.5.10601)
      sorbet-runtime (= 0.5.10601)
    spoom (1.1.15)
      sorbet (>= 0.5.10187)
      sorbet-runtime (>= 0.5.9204)
      thor (>= 0.19.2)
    tapioca (0.10.5)
      bundler (>= 1.17.3)
      netrc (>= 0.11.0)
      parallel (>= 1.21.0)
      rbi (~> 0.0.0, >= 0.0.16)
      sorbet-static-and-runtime (>= 0.5.10187)
      spoom (~> 1.1.0, >= 1.1.11)
      thor (>= 1.2.0)
      yard-sorbet
    thor (1.2.1)
    unparser (0.6.5)
      diff-lcs (~> 1.3)
      parser (>= 3.1.0)
    webrick (1.7.0)
    yard (0.9.28)
      webrick (~> 1.7.0)
    yard-sorbet (0.7.0)
      sorbet-runtime (>= 0.5)
      yard (>= 0.9)

PLATFORMS
  arm64-darwin-22

DEPENDENCIES
  prime (~> 0.1.2)
  rspec
  sorbet
  sorbet-runtime
  tapioca

BUNDLED WITH
   2.4.1
